GEM
  remote: https://rubygems.org/
  specs:
    rack (3.0.2)

PLATFORMS
  x86_64-linux

DEPENDENCIES
  rack (~> 3.0, >= 3.0.2)

BUNDLED WITH
   2.3.19
